GEM
  remote: https://rubygems.org/
  specs:
    benchmark-ips (2.0.0)
    celluloid (0.16.0)
      timers (~> 4.0.0)
    coderay (1.1.0)
    diff-lcs (1.2.5)
    faraday (0.9.0)
      multipart-post (>= 1.2, < 3)
    ffi (1.9.6)
    filetree (1.0.0)
    formatador (0.2.5)
    growl (1.0.3)
    guard (2.8.1)
      formatador (>= 0.2.4)
      listen (~> 2.7)
      lumberjack (~> 1.0)
      pry (>= 0.9.12)
      thor (>= 0.18.1)
    guard-rspec (4.3.1)
      guard (~> 2.1)
      rspec (>= 2.14, < 4.0)
    hitimes (1.2.2)
    jruby-jars (1.7.18)
    jruby-parser (0.5.4)
    listen (2.7.11)
      celluloid (>= 0.15.2)
      rb-fsevent (>= 0.9.3)
      rb-inotify (>= 0.9)
    lumberjack (1.0.9)
    method_source (0.8.2)
    multipart-post (2.0.0)
    pry (0.10.1)
      coderay (~> 1.1.0)
      method_source (~> 0.8.1)
      slop (~> 3.4)
    rack (1.6.0)
    rack-protection (1.5.3)
      rack
    rb-fsevent (0.9.4)
    rb-inotify (0.9.5)
      ffi (>= 0.5.0)
    rsense (0.5.18)
      bundler (~> 1.6)
      filetree (~> 1.0.0)
      jruby-jars (~> 1.7.4)
      jruby-parser (~> 0.5.4)
      rsense-core (~> 0.6.6)
      rsense-server (~> 0.5.18)
      spoon (~> 0.0.4)
      thor (>= 0.18.1, < 0.20)
    rsense-core (0.6.6)
      filetree (~> 1.0.0)
      jruby-jars (~> 1.7.4)
      jruby-parser (~> 0.5.4)
      spoon (~> 0.0.4)
      thor (>= 0.18.1, < 0.20)
    rsense-server (0.5.18)
      bundler (~> 1.6)
      faraday
      filetree (~> 1.0.0)
      jruby-jars (~> 1.7.4)
      jruby-parser (~> 0.5.4)
      rsense-core (~> 0.6.6)
      sinatra
      spoon (~> 0.0.4)
    rspec (3.1.0)
      rspec-core (~> 3.1.0)
      rspec-expectations (~> 3.1.0)
      rspec-mocks (~> 3.1.0)
    rspec-core (3.1.7)
      rspec-support (~> 3.1.0)
    rspec-expectations (3.1.2)
      diff-lcs (>= 1.2.0, < 2.0)
      rspec-support (~> 3.1.0)
    rspec-mocks (3.1.3)
      rspec-support (~> 3.1.0)
    rspec-support (3.1.2)
    sinatra (1.4.5)
      rack (~> 1.4)
      rack-protection (~> 1.4)
      tilt (~> 1.3, >= 1.3.4)
    slop (3.6.0)
    spoon (0.0.4)
      ffi
    thor (0.19.1)
    tilt (1.4.1)
    timers (4.0.1)
      hitimes

PLATFORMS
  ruby

DEPENDENCIES
  benchmark-ips
  growl
  guard-rspec
  rsense
  rspec
